GEM
  remote: https://rubygems.org/
  specs:
    addressable (2.5.0)
      public_suffix (~> 2.0, >= 2.0.2)
    artifactory (2.5.1)
    builder (3.2.2)
    chef (12.16.42)
      addressable
      bundler (>= 1.10)
      chef-config (= 12.16.42)
      chef-zero (>= 4.8)
      diff-lcs (~> 1.2, >= 1.2.4)
      erubis (~> 2.7)
      ffi-yajl (~> 2.2)
      highline (~> 1.6, >= 1.6.9)
      iniparse (~> 1.4)
      mixlib-archive (>= 0.2.0)
      mixlib-authentication (~> 1.4)
      mixlib-cli (~> 1.7)
      mixlib-log (~> 1.3)
      mixlib-shellout (~> 2.0)
      net-sftp (~> 2.1, >= 2.1.2)
      net-ssh (>= 2.9, < 4.0)
      net-ssh-multi (~> 1.1)
      ohai (>= 8.6.0.alpha.1, < 9)
      plist (~> 3.2)
      proxifier (~> 1.0)
      rspec-core (~> 3.5)
      rspec-expectations (~> 3.5)
      rspec-mocks (~> 3.5)
      rspec_junit_formatter (~> 0.2.0)
      serverspec (~> 2.7)
      specinfra (~> 2.10)
      syslog-logger (~> 1.6)
      uuidtools (~> 2.1.5)
    chef-api (0.7.0)
      logify (~> 0.1)
      mime-types
    chef-config (12.16.42)
      addressable
      fuzzyurl
      mixlib-config (~> 2.0)
      mixlib-shellout (~> 2.0)
    chef-dk (1.0.3)
      chef (~> 12.5)
      chef-provisioning (~> 2.0)
      cookbook-omnifetch (~> 0.2, >= 0.2.2)
      diff-lcs (~> 1.0)
      ffi-yajl (>= 1.0, < 3.0)
      minitar (~> 0.5.4)
      mixlib-cli (~> 1.7)
      mixlib-shellout (~> 2.0)
      paint (~> 1.0)
      solve (>= 2.0.1)
    chef-provisioning (2.0.2)
      cheffish (~> 4.0)
      inifile (>= 2.0.2)
      mixlib-install (>= 1.0, < 3.0)
      net-scp (~> 1.0)
      net-ssh (>= 2.9, < 4.0)
      net-ssh-gateway (~> 1.2.0)
      winrm-fs (~> 1.0)
    chef-zero (5.1.0)
      ffi-yajl (~> 2.2)
      hashie (>= 2.0, < 4.0)
      mixlib-log (~> 1.3)
      rack (~> 2.0)
      uuidtools (~> 2.1)
    cheffish (4.0.0)
      chef-zero (~> 5.0)
      net-ssh
    coderay (1.1.1)
    cookbook-omnifetch (0.2.3)
      minitar (~> 0.5.4)
    diff-lcs (1.2.5)
    docker-api (1.33.0)
      excon (>= 0.38.0)
      json
    equatable (0.5.0)
    erubis (2.7.0)
    excon (0.54.0)
    faraday (0.10.0)
      multipart-post (>= 1.2, < 3)
    ffi (1.9.14)
    ffi-yajl (2.3.0)
      libyajl2 (~> 1.2)
    fuzzyurl (0.9.0)
    gssapi (1.2.0)
      ffi (>= 1.0.1)
    gyoku (1.3.1)
      builder (>= 2.1.2)
    hashie (3.4.6)
    highline (1.7.8)
    httpclient (2.8.2.4)
    inifile (3.0.0)
    iniparse (1.4.2)
    inspec (1.7.2)
      hashie (~> 3.4)
      json (>= 1.8, < 3.0)
      method_source (~> 0.8)
      mixlib-log
      parallel (~> 1.9)
      pry (~> 0)
      rainbow (~> 2)
      rspec (~> 3)
      rspec-its (~> 1.2)
      rspec_junit_formatter (~> 0.2.3)
      rubyzip (~> 1.1)
      sslshake (~> 1)
      thor (~> 0.19)
      train (>= 0.22.0, < 1.0)
    ipaddress (0.8.3)
    json (2.0.2)
    libyajl2 (1.2.0)
    little-plugger (1.1.4)
    logging (2.1.0)
      little-plugger (~> 1.1)
      multi_json (~> 1.10)
    logify (0.2.0)
    method_source (0.8.2)
    mime-types (3.1)
      mime-types-data (~> 3.2015)
    mime-types-data (3.2016.0521)
    minitar (0.5.4)
    mixlib-archive (0.2.0)
      mixlib-log
    mixlib-authentication (1.4.1)
      mixlib-log
    mixlib-cli (1.7.0)
    mixlib-config (2.2.4)
    mixlib-install (2.1.6)
      artifactory
      mixlib-shellout
      mixlib-versioning
      thor
    mixlib-log (1.7.1)
    mixlib-shellout (2.2.7)
    mixlib-versioning (1.1.0)
    molinillo (0.5.4)
    multi_json (1.12.1)
    multipart-post (2.0.0)
    necromancer (0.3.0)
    net-scp (1.2.1)
      net-ssh (>= 2.6.5)
    net-sftp (2.1.2)
      net-ssh (>= 2.6.5)
    net-ssh (3.2.0)
    net-ssh-gateway (1.2.0)
      net-ssh (>= 2.6.5)
    net-ssh-multi (1.2.1)
      net-ssh (>= 2.6.5)
      net-ssh-gateway (>= 1.2.0)
    net-telnet (0.1.1)
    nori (2.6.0)
    octokit (4.6.2)
      sawyer (~> 0.8.0, >= 0.5.3)
    ohai (8.22.1)
      chef-config (>= 12.5.0.alpha.1, < 13)
      ffi (~> 1.9)
      ffi-yajl (~> 2.2)
      ipaddress
      mixlib-cli
      mixlib-config (~> 2.0)
      mixlib-log (>= 1.7.1, < 2.0)
      mixlib-shellout (~> 2.0)
      plist (~> 3.1)
      systemu (~> 2.6.4)
      wmi-lite (~> 1.0)
    paint (1.0.1)
    parallel (1.10.0)
    pastel (0.6.1)
      equatable (~> 0.5.0)
      tty-color (~> 0.3.0)
    plist (3.2.0)
    proxifier (1.0.3)
    pry (0.10.4)
      coderay (~> 1.1.0)
      method_source (~> 0.8.1)
      slop (~> 3.4)
    public_suffix (2.0.4)
    rack (2.0.1)
    rainbow (2.1.0)
    rspec (3.5.0)
      rspec-core (~> 3.5.0)
      rspec-expectations (~> 3.5.0)
      rspec-mocks (~> 3.5.0)
    rspec-core (3.5.4)
      rspec-support (~> 3.5.0)
    rspec-expectations (3.5.0)
      diff-lcs (>= 1.2.0, < 2.0)
      rspec-support (~> 3.5.0)
    rspec-its (1.2.0)
      rspec-core (>= 3.0.0)
      rspec-expectations (>= 3.0.0)
    rspec-mocks (3.5.0)
      diff-lcs (>= 1.2.0, < 2.0)
      rspec-support (~> 3.5.0)
    rspec-support (3.5.0)
    rspec_junit_formatter (0.2.3)
      builder (< 4)
      rspec-core (>= 2, < 4, != 2.12.0)
    rubyntlm (0.6.1)
    rubyzip (1.2.0)
    safe_yaml (1.0.4)
    sawyer (0.8.1)
      addressable (>= 2.3.5, < 2.6)
      faraday (~> 0.8, < 1.0)
    semverse (2.0.0)
    serverspec (2.37.2)
      multi_json
      rspec (~> 3.0)
      rspec-its
      specinfra (~> 2.53)
    sfl (2.3)
    slop (3.6.0)
    solve (3.1.0)
      molinillo (>= 0.5)
      semverse (>= 1.1, < 3.0)
    specinfra (2.66.2)
      net-scp
      net-ssh (>= 2.7, < 4.0)
      net-telnet
      sfl
    sslshake (1.0.13)
    syslog-logger (1.6.8)
    systemu (2.6.5)
    thor (0.19.4)
    train (0.22.0)
      docker-api (~> 1.26)
      json (>= 1.8, < 3.0)
      mixlib-shellout (~> 2.0)
      net-scp (~> 1.2)
      net-ssh (>= 2.9, < 4.0)
      winrm (~> 2.0)
      winrm-fs (~> 1.0)
    tty-color (0.3.0)
    tty-cursor (0.3.0)
    tty-prompt (0.8.0)
      necromancer (~> 0.3.0)
      pastel (~> 0.6.0)
      tty-cursor (~> 0.3.0)
      wisper (~> 1.6.1)
    uuidtools (2.1.5)
    winrm (2.1.0)
      builder (>= 2.1.2)
      erubis (~> 2.7)
      gssapi (~> 1.2)
      gyoku (~> 1.0)
      httpclient (~> 2.2, >= 2.2.0.2)
      logging (>= 1.6.1, < 3.0)
      nori (~> 2.0)
      rubyntlm (~> 0.6.0, >= 0.6.1)
    winrm-fs (1.0.1)
      erubis (~> 2.7)
      logging (>= 1.6.1, < 3.0)
      rubyzip (~> 1.1)
      winrm (~> 2.0)
    wisper (1.6.1)
    wmi-lite (1.0.0)

PLATFORMS
  ruby

DEPENDENCIES
  addressable (~> 2.5.0)
  chef
  chef-api
  chef-dk
  chef-provisioning
  cookbook-omnifetch
  inspec
  json
  method_source
  mixlib-install (= 2.1.6)
  mixlib-shellout
  octokit (>= 4.4.1)
  paint
  parallel
  pry
  rainbow
  rspec
  safe_yaml
  solve
  sslshake
  train
  tty-prompt

BUNDLED WITH
   1.12.5
