GEM
  remote: https://rubygems.org/
  remote: http://rubygems.sea.marchex.com/
  specs:
    addressable (2.4.0)
    chef-api (0.6.0)
      logify (~> 0.1)
      mime-types
    equatable (0.5.0)
    faraday (0.9.2)
      multipart-post (>= 1.2, < 3)
    logify (0.2.0)
    mime-types (3.1)
      mime-types-data (~> 3.2015)
    mime-types-data (3.2016.0521)
    multipart-post (2.0.0)
    necromancer (0.3.0)
    octokit (4.3.1.pre1)
      sawyer (~> 0.7.0, >= 0.5.3)
    pastel (0.6.1)
      equatable (~> 0.5.0)
      tty-color (~> 0.3.0)
    sawyer (0.7.0)
      addressable (>= 2.3.5, < 2.5)
      faraday (~> 0.8, < 0.10)
    tty-color (0.3.0)
    tty-cursor (0.3.0)
    tty-platform (0.1.0)
    tty-prompt (0.6.0)
      necromancer (~> 0.3.0)
      pastel (~> 0.6.0)
      tty-cursor (~> 0.3.0)
      tty-platform (~> 0.1.0)
      wisper (~> 1.6.1)
    wisper (1.6.1)

PLATFORMS
  ruby

DEPENDENCIES
  chef-api
  octokit (= 4.3.1.pre1)
  tty-prompt

BUNDLED WITH
   1.12.5
